GEM
  remote: https://rubygems.org/
  specs:
    ansi (1.5.0)
    ast (2.4.2)
    base64 (0.1.1)
    bcrypt (3.1.19)
    builder (3.2.4)
    cuba (3.9.3)
      rack (>= 1.6.0)
    daemons (1.4.1)
    eventmachine (1.2.7)
    eventmachine (1.2.7-x64-mingw32)
    json (2.6.3)
    jwt (2.7.1)
    language_server-protocol (3.17.0.3)
    minitest (5.20.0)
    minitest-reporters (1.6.1)
      ansi
      builder
      minitest (>= 5.0)
      ruby-progressbar
    parallel (1.23.0)
    parser (3.2.2.3)
      ast (~> 2.4.1)
      racc
    pg (1.5.4)
    racc (1.7.1)
    rack (2.2.8)
    rainbow (3.1.1)
    rake (13.0.6)
    regexp_parser (2.8.1)
    rexml (3.2.6)
    rubocop (1.56.3)
      base64 (~> 0.1.1)
      json (~> 2.3)
      language_server-protocol (>= 3.17.0)
      parallel (~> 1.10)
      parser (>= 3.2.2.3)
      rainbow (>= 2.2.2, < 4.0)
      regexp_parser (>= 1.8, < 3.0)
      rexml (>= 3.2.5, < 4.0)
      rubocop-ast (>= 1.28.1, < 2.0)
      ruby-progressbar (~> 1.7)
      unicode-display_width (>= 2.4.0, < 3.0)
    rubocop-ast (1.29.0)
      parser (>= 3.2.1.0)
    rubocop-rake (0.6.0)
      rubocop (~> 1.0)
    rubocop-sequel (0.3.4)
      rubocop (~> 1.0)
    ruby-progressbar (1.13.0)
    scrivener (1.1.1)
    sequel (5.70.0)
    shotgun (0.9.2)
      rack (>= 1.0)
    thin (1.8.2)
      daemons (~> 1.0, >= 1.0.9)
      eventmachine (~> 1.0, >= 1.0.4)
      rack (>= 1, < 3)
    unicode-display_width (2.4.2)

PLATFORMS
  ruby
  x64-mingw32
  x86_64-linux

DEPENDENCIES
  bcrypt (~> 3.1.19)
  cuba (~> 3.9.3)
  json (~> 2.6.3)
  jwt (~> 2.7)
  minitest (~> 5.20.0)
  minitest-reporters (~> 1.6.1)
  pg (~> 1.5.4)
  rack (~> 2.2.8)
  rake (~> 13.0.6)
  rubocop (~> 1.56)
  rubocop-rake (~> 0.6.0)
  rubocop-sequel (~> 0.3.4)
  scrivener (~> 1.1.1)
  sequel (~> 5.70)
  shotgun (~> 0.9.2)
  thin (~> 1.8)

BUNDLED WITH
   2.2.33
