GEM
  remote: https://rubygems.org/
  specs:
    ansi (1.5.0)
    ast (2.4.2)
    bcrypt (3.1.18)
    builder (3.2.4)
    cuba (3.9.3)
      rack (>= 1.6.0)
    daemons (1.4.1)
    eventmachine (1.2.7)
    eventmachine (1.2.7-x64-mingw32)
    json (2.6.3)
    jwt (2.6.0)
    minitest (5.17.0)
    minitest-reporters (1.5.0)
      ansi
      builder
      minitest (>= 5.0)
      ruby-progressbar
    parallel (1.22.1)
    parser (3.2.0.0)
      ast (~> 2.4.1)
    pg (1.4.5)
    pg (1.4.5-x64-mingw32)
    rack (2.2.5)
    rainbow (3.1.1)
    rake (13.0.6)
    regexp_parser (2.6.1)
    rexml (3.2.5)
    rubocop (1.42.0)
      json (~> 2.3)
      parallel (~> 1.10)
      parser (>= 3.1.2.1)
      rainbow (>= 2.2.2, < 4.0)
      regexp_parser (>= 1.8, < 3.0)
      rexml (>= 3.2.5, < 4.0)
      rubocop-ast (>= 1.24.1, < 2.0)
      ruby-progressbar (~> 1.7)
      unicode-display_width (>= 1.4.0, < 3.0)
    rubocop-ast (1.24.1)
      parser (>= 3.1.1.0)
    rubocop-rake (0.6.0)
      rubocop (~> 1.0)
    rubocop-sequel (0.3.4)
      rubocop (~> 1.0)
    ruby-progressbar (1.11.0)
    scrivener (1.1.1)
    sequel (5.64.0)
    shotgun (0.9.2)
      rack (>= 1.0)
    thin (1.8.1)
      daemons (~> 1.0, >= 1.0.9)
      eventmachine (~> 1.0, >= 1.0.4)
      rack (>= 1, < 3)
    unicode-display_width (2.4.1)

PLATFORMS
  ruby
  x64-mingw32
  x86_64-linux

DEPENDENCIES
  bcrypt (~> 3.1.18)
  cuba (~> 3.9.3)
  json (~> 2.6.3)
  jwt (~> 2.6)
  minitest (~> 5.17.0)
  minitest-reporters (~> 1.5.0)
  pg (~> 1.4.5)
  rack (~> 2.2.5)
  rake (~> 13.0.6)
  rubocop (~> 1.42)
  rubocop-rake (~> 0.6.0)
  rubocop-sequel (~> 0.3.4)
  scrivener (~> 1.1.1)
  sequel (~> 5.64)
  shotgun (~> 0.9.2)
  thin (~> 1.8)

BUNDLED WITH
   2.2.33
