GEM
  remote: https://rubygems.org/
  specs:
    ast (2.4.2)
    bcrypt (3.1.16)
    cuba (3.9.3)
      rack (>= 1.6.0)
    daemons (1.3.1)
    eventmachine (1.2.7)
    eventmachine (1.2.7-x64-mingw32)
    json (2.5.1)
    jwt (2.2.3)
    parallel (1.20.1)
    parser (3.0.1.1)
      ast (~> 2.4.1)
    pg (1.2.3)
    pg (1.2.3-x64-mingw32)
    rack (2.2.3)
    rack-jwt (0.4.0)
      jwt (~> 2.0)
      rack (>= 1.6.0)
    rainbow (3.0.0)
    rake (13.0.3)
    regexp_parser (2.1.1)
    rexml (3.2.5)
    rubocop (1.14.0)
      parallel (~> 1.10)
      parser (>= 3.0.0.0)
      rainbow (>= 2.2.2, < 4.0)
      regexp_parser (>= 1.8, < 3.0)
      rexml
      rubocop-ast (>= 1.5.0, < 2.0)
      ruby-progressbar (~> 1.7)
      unicode-display_width (>= 1.4.0, < 3.0)
    rubocop-ast (1.5.0)
      parser (>= 3.0.1.1)
    rubocop-rake (0.5.1)
      rubocop
    rubocop-sequel (0.2.0)
      rubocop (~> 1.0)
    ruby-progressbar (1.11.0)
    scrivener (1.1.1)
    sequel (5.44.0)
    shotgun (0.9.2)
      rack (>= 1.0)
    thin (1.8.0)
      daemons (~> 1.0, >= 1.0.9)
      eventmachine (~> 1.0, >= 1.0.4)
      rack (>= 1, < 3)
    unicode-display_width (2.0.0)

PLATFORMS
  ruby
  x64-mingw32
  x86_64-linux

DEPENDENCIES
  bcrypt (~> 3.1.16)
  cuba (~> 3.9.3)
  json (~> 2.5.1)
  pg (~> 1.2.3)
  rack-jwt (~> 0.4.0)
  rake (~> 13.0.3)
  rubocop (~> 1.13)
  rubocop-rake (~> 0.5.1)
  rubocop-sequel (~> 0.2.0)
  scrivener (~> 1.1.1)
  sequel (~> 5.43)
  shotgun (~> 0.9.2)
  thin (~> 1.8)

BUNDLED WITH
   2.2.3
